GIT
  remote: git://github.com/artsy/artsy-ruby-client.git
  revision: 04dff0c531c479af1f8d083df5821259bcc2336a
  specs:
    artsy-client (0.1.0)
      faraday
      hashie
      i18n
      multi_json

GIT
  remote: git://github.com/sferik/twitter.git
  revision: 6ad7fe327e61ea7dfddf4ef200c7bd7df9aff0ee
  specs:
    twitter (5.0.0.rc.1)
      buftok (~> 0.1.0)
      descendants_tracker (~> 0.0.1)
      equalizer (~> 0.0.7)
      faraday (>= 0.8, < 0.10)
      http (~> 0.5.0)
      http_parser.rb (~> 0.5.0)
      json (~> 1.8)
      simple_oauth (~> 0.2.0)
      thread_safe (~> 0.1.3)

GEM
  remote: http://rubygems.org/
  specs:
    atomic (1.1.14)
    buftok (0.1)
    descendants_tracker (0.0.3)
    equalizer (0.0.7)
    faraday (0.8.8)
      multipart-post (~> 1.2.0)
    hashie (2.0.5)
    http (0.5.0)
      http_parser.rb
    http_parser.rb (0.5.3)
    i18n (0.6.5)
    json (1.8.1)
    multi_json (1.8.2)
    multipart-post (1.2.0)
    oj (2.0.13)
    simple_oauth (0.2.0)
    thread_safe (0.1.3)
      atomic

PLATFORMS
  ruby

DEPENDENCIES
  artsy-client!
  oj (= 2.0.13)
  twitter!
