GIT
  remote: https://github.com/artsy/artsy-ruby-client.git
  revision: 04dff0c531c479af1f8d083df5821259bcc2336a
  specs:
    artsy-client (0.1.0)
      faraday
      hashie
      i18n
      multi_json

GEM
  remote: http://rubygems.org/
  specs:
    faraday (0.8.8)
      multipart-post (~> 1.2.0)
    hashie (2.0.5)
    i18n (0.6.5)
    multi_json (1.7.9)
    multipart-post (1.2.0)
    oj (2.0.13)
    simple_oauth (0.2.0)
    twitter (4.6.2)
      faraday (~> 0.8, < 0.10)
      multi_json (~> 1.0)
      simple_oauth (~> 0.2)

PLATFORMS
  ruby

DEPENDENCIES
  artsy-client!
  oj (= 2.0.13)
  twitter (= 4.6.2)
