GIT
  remote: git://github.com/artsy/artsy-ruby-client.git
  revision: 69965a4e5aac110f5f6442eac5e414c2a41c789d
  specs:
    artsy-client (0.1.0)
      faraday (>= 0.9.0)
      hashie
      i18n
      multi_json

GIT
  remote: git://github.com/sferik/twitter.git
  revision: d77027f07c045a91210aa2e05c31f1d2fdeea503
  specs:
    twitter (5.5.1)
      addressable (~> 2.3)
      buftok (~> 0.2.0)
      descendants_tracker (~> 0.0.3)
      equalizer (~> 0.0.9)
      faraday (~> 0.9.0)
      http (~> 0.5.0)
      http_parser.rb (~> 0.6.0)
      json (~> 1.8)
      memoizable (~> 0.4.0)
      simple_oauth (~> 0.2.0)

GEM
  remote: http://rubygems.org/
  specs:
    addressable (2.3.5)
    atomic (1.1.14)
    buftok (0.2.0)
    descendants_tracker (0.0.3)
    diff-lcs (1.2.4)
    equalizer (0.0.9)
    faker (1.2.0)
      i18n (~> 0.5)
    faraday (0.9.0)
      multipart-post (>= 1.2, < 3)
    geocoder (1.1.9)
    hashie (2.0.5)
    http (0.5.0)
      http_parser.rb
    http_parser.rb (0.6.0)
    i18n (0.6.9)
    json (1.8.1)
    memoizable (0.4.0)
      thread_safe (~> 0.1.3)
    multi_json (1.8.4)
    multipart-post (2.0.0)
    oj (2.0.13)
    rake (10.1.0)
    rspec (2.14.1)
      rspec-core (~> 2.14.0)
      rspec-expectations (~> 2.14.0)
      rspec-mocks (~> 2.14.0)
    rspec-core (2.14.5)
    rspec-expectations (2.14.3)
      diff-lcs (>= 1.1.3, < 2.0)
    rspec-mocks (2.14.3)
    simple_oauth (0.2.0)
    stringex (2.1.2)
    thread_safe (0.1.3)
      atomic

PLATFORMS
  ruby

DEPENDENCIES
  artsy-client!
  faker
  geocoder (~> 1.1)
  oj (= 2.0.13)
  rake
  rspec
  stringex
  twitter!
